GEM
  remote: https://rubygems.org/
  specs:
    addressable (2.7.0)
      public_suffix (>= 2.0.2, < 5.0)
    coderay (1.1.3)
    csv (3.1.9)
    down (5.2.0)
      addressable (~> 2.5)
    method_source (1.0.0)
    net-http (0.1.1)
      net-protocol
      uri
    net-protocol (0.1.0)
    open-uri (0.1.0)
    openssl (2.2.0)
    pry (0.14.1)
      coderay (~> 1.1)
      method_source (~> 1.0)
    public_suffix (4.0.6)
    uri (0.10.1)

PLATFORMS
  x86_64-linux

DEPENDENCIES
  csv
  down (~> 5.0)
  net-http
  open-uri
  openssl
  pry

BUNDLED WITH
   2.2.4
